GEM
  remote: https://rubygems.org/
  specs:
    backports (3.3.5)
    coderay (1.0.9)
    method_source (0.8.1)
    multi_json (1.8.2)
    oj (2.1.7)
    pry (0.9.10)
      coderay (~> 1.0.5)
      method_source (~> 0.8)
      slop (~> 3.3.1)
    pry-doc (0.4.4)
      pry (>= 0.9.9.6)
      yard (~> 0.8.1)
    pry-nav (0.2.3)
      pry (~> 0.9.10)
    rack (1.5.2)
    rack-protection (1.5.1)
      rack
    rack-test (0.6.2)
      rack (>= 1.0)
    sinatra (1.4.4)
      rack (~> 1.4)
      rack-protection (~> 1.4)
      tilt (~> 1.3, >= 1.3.4)
    sinatra-contrib (1.4.1)
      backports (>= 2.0)
      multi_json
      rack-protection
      rack-test
      sinatra (~> 1.4.0)
      tilt (~> 1.3)
    slop (3.3.3)
    tilt (1.4.1)
    yard (0.8.5.2)

PLATFORMS
  ruby

DEPENDENCIES
  oj
  pry
  pry-doc
  pry-nav
  sinatra
  sinatra-contrib
